GIT
  remote: git://github.com/anjlab/bootstrap-rails.git
  revision: 4e239795de0e7038f9f1e17a9e02eab19330012c
  specs:
    anjlab-bootstrap-rails (3.0.0.2)
      railties (>= 3.0)
      sass (>= 3.2)

PATH
  remote: .
  specs:
    refinerycms-bootstrap (2.1.0.3)
      anjlab-bootstrap-rails (>= 3.0.0.0)
      refinerycms-core (~> 2.1.0)
      refinerycms-images (~> 2.1.0)

GEM
  remote: https://rubygems.org/
  specs:
    actionpack (3.2.14)
      activemodel (= 3.2.14)
      activesupport (= 3.2.14)
      builder (~> 3.0.0)
      erubis (~> 2.7.0)
      journey (~> 1.0.4)
      rack (~> 1.4.5)
      rack-cache (~> 1.2)
      rack-test (~> 0.6.1)
      sprockets (~> 2.2.1)
    activemodel (3.2.14)
      activesupport (= 3.2.14)
      builder (~> 3.0.0)
    activerecord (3.2.14)
      activemodel (= 3.2.14)
      activesupport (= 3.2.14)
      arel (~> 3.0.2)
      tzinfo (~> 0.3.29)
    activesupport (3.2.14)
      i18n (~> 0.6, >= 0.6.4)
      multi_json (~> 1.0)
    arel (3.0.2)
    awesome_nested_set (2.1.6)
      activerecord (>= 3.0.0)
    builder (3.0.4)
    decorators (1.0.3)
      railties (>= 3.0.19, != 3.2.9, != 3.2.8, != 3.2.7, != 3.2.6, != 3.2.5, != 3.2.4, != 3.2.3, != 3.2.2, != 3.2.10, != 3.2.1, != 3.2.0, != 3.1.9, != 3.1.8, != 3.1.7, != 3.1.6, != 3.1.5, != 3.1.4, != 3.1.3, != 3.1.2, != 3.1.1, != 3.1.0)
    dragonfly (0.9.15)
      multi_json (~> 1.0)
      rack
    erubis (2.7.0)
    hike (1.2.3)
    i18n (0.6.5)
    journey (1.0.4)
    jquery-rails (2.3.0)
      railties (>= 3.0, < 5.0)
      thor (>= 0.14, < 2.0)
    json (1.8.0)
    multi_json (1.8.0)
    rack (1.4.5)
    rack-cache (1.2)
      rack (>= 0.4)
    rack-ssl (1.3.3)
      rack
    rack-test (0.6.2)
      rack (>= 1.0)
    rails-i18n (0.7.4)
      i18n (~> 0.5)
    railties (3.2.14)
      actionpack (= 3.2.14)
      activesupport (= 3.2.14)
      rack-ssl (~> 1.3.2)
      rake (>= 0.8.7)
      rdoc (~> 3.4)
      thor (>= 0.14.6, < 2.0)
    rake (10.1.0)
    rdoc (3.12.2)
      json (~> 1.4)
    refinerycms-core (2.1.0)
      actionpack (>= 3.1.11, < 3.3, != 3.2.9, != 3.2.8, != 3.2.7, != 3.2.6, != 3.2.5, != 3.2.4, != 3.2.3, != 3.2.2, != 3.2.11, != 3.2.10, != 3.2.1, != 3.2.0)
      activerecord (>= 3.1.11, < 3.3, != 3.2.9, != 3.2.8, != 3.2.7, != 3.2.6, != 3.2.5, != 3.2.4, != 3.2.3, != 3.2.2, != 3.2.11, != 3.2.10, != 3.2.1, != 3.2.0)
      awesome_nested_set (~> 2.1.3)
      decorators (~> 1.0.0)
      jquery-rails (~> 2.3.0)
      railties (>= 3.1.11, < 3.3, != 3.2.9, != 3.2.8, != 3.2.7, != 3.2.6, != 3.2.5, != 3.2.4, != 3.2.3, != 3.2.2, != 3.2.11, != 3.2.10, != 3.2.1, != 3.2.0)
      refinerycms-i18n (~> 2.1.0)
      sass-rails (~> 3.2.3)
      truncate_html (~> 0.9)
      will_paginate (~> 3.0.2)
    refinerycms-i18n (2.1.0)
      rails-i18n (~> 0.7.3)
      routing-filter (~> 0.3.0)
    refinerycms-images (2.1.0)
      dragonfly (~> 0.9.14)
      refinerycms-core (= 2.1.0)
    routing-filter (0.3.1)
      actionpack
    sass (3.2.10)
    sass-rails (3.2.6)
      railties (~> 3.2.0)
      sass (>= 3.1.10)
      tilt (~> 1.3)
    sprockets (2.2.2)
      hike (~> 1.2)
      multi_json (~> 1.0)
      rack (~> 1.0)
      tilt (~> 1.1, != 1.3.0)
    thor (0.18.1)
    tilt (1.4.1)
    truncate_html (0.9.2)
    tzinfo (0.3.37)
    will_paginate (3.0.4)

PLATFORMS
  ruby

DEPENDENCIES
  anjlab-bootstrap-rails!
  refinerycms-bootstrap!
